GEM
  remote: https://rubygems.org/
  specs:
    cairo (1.12.8)
      pkg-config
    coderay (1.1.0)
    method_source (0.8.2)
    pkg-config (1.1.5)
    pry (0.9.12.6)
      coderay (~> 1.0)
      method_source (~> 0.8)
      slop (~> 3.4)
    slop (3.5.0)

PLATFORMS
  ruby

DEPENDENCIES
  cairo
  pry
